PATH
  remote: .
  specs:
    nokogiri-happymapper (0.5.1)
      nokogiri (~> 1.4)

GEM
  remote: http://rubygems.org/
  specs:
    diff-lcs (1.1.3)
    ffi (1.0.11)
    ffi (1.0.11-java)
    guard (1.0.3)
      ffi (>= 0.5.0)
      thor (>= 0.14.6)
    guard-rspec (0.7.3)
      guard (>= 0.10.0)
    nokogiri (1.5.1)
    nokogiri (1.5.1-java)
    rake (0.9.2)
    rspec (2.8.0)
      rspec-core (~> 2.8.0)
      rspec-expectations (~> 2.8.0)
      rspec-mocks (~> 2.8.0)
    rspec-core (2.8.0)
    rspec-expectations (2.8.0)
      diff-lcs (~> 1.1.2)
    rspec-mocks (2.8.0)
    thor (0.15.2)

PLATFORMS
  java
  ruby

DEPENDENCIES
  guard
  guard-rspec
  nokogiri (= 1.5.1)
  nokogiri-happymapper!
  rake (= 0.9.2)
  rspec (= 2.8)
